PATH
  remote: .
  specs:
    light-services (2.0.0.rc8)

GEM
  remote: https://rubygems.org/
  specs:
    activemodel (6.1.5)
      activesupport (= 6.1.5)
    activerecord (6.1.5)
      activemodel (= 6.1.5)
      activesupport (= 6.1.5)
    activesupport (6.1.5)
      concurrent-ruby (~> 1.0, >= 1.0.2)
      i18n (>= 1.6, < 2)
      minitest (>= 5.1)
      tzinfo (~> 2.0)
      zeitwerk (~> 2.3)
    ast (2.4.2)
    codecov (0.6.0)
      simplecov (>= 0.15, < 0.22)
    concurrent-ruby (1.1.10)
    database_cleaner (1.99.0)
    database_cleaner-active_record (1.99.0)
      activerecord
      database_cleaner (~> 1.99.0)
    diff-lcs (1.5.0)
    docile (1.4.0)
    i18n (1.10.0)
      concurrent-ruby (~> 1.0)
    minitest (5.15.0)
    parallel (1.22.1)
    parser (3.1.2.0)
      ast (~> 2.4.1)
    rainbow (3.1.1)
    rake (13.0.6)
    regexp_parser (2.3.0)
    rexml (3.2.5)
    rspec (3.11.0)
      rspec-core (~> 3.11.0)
      rspec-expectations (~> 3.11.0)
      rspec-mocks (~> 3.11.0)
    rspec-core (3.11.0)
      rspec-support (~> 3.11.0)
    rspec-expectations (3.11.0)
      diff-lcs (>= 1.2.0, < 2.0)
      rspec-support (~> 3.11.0)
    rspec-mocks (3.11.1)
      diff-lcs (>= 1.2.0, < 2.0)
      rspec-support (~> 3.11.0)
    rspec-support (3.11.0)
    rubocop (1.27.0)
      parallel (~> 1.10)
      parser (>= 3.1.0.0)
      rainbow (>= 2.2.2, < 4.0)
      regexp_parser (>= 1.8, < 3.0)
      rexml
      rubocop-ast (>= 1.16.0, < 2.0)
      ruby-progressbar (~> 1.7)
      unicode-display_width (>= 1.4.0, < 3.0)
    rubocop-ast (1.17.0)
      parser (>= 3.1.1.0)
    rubocop-performance (1.13.3)
      rubocop (>= 1.7.0, < 2.0)
      rubocop-ast (>= 0.4.0)
    rubocop-rspec (2.9.0)
      rubocop (~> 1.19)
    ruby-progressbar (1.11.0)
    simplecov (0.21.2)
      docile (~> 1.1)
      simplecov-html (~> 0.11)
      simplecov_json_formatter (~> 0.1)
    simplecov-html (0.12.3)
    simplecov_json_formatter (0.1.4)
    sqlite3 (1.4.2)
    tzinfo (2.0.4)
      concurrent-ruby (~> 1.0)
    unicode-display_width (2.1.0)
    zeitwerk (2.5.4)

PLATFORMS
  ruby

DEPENDENCIES
  activerecord (~> 6.0)
  codecov (~> 0.6.0)
  database_cleaner-active_record (~> 1.8)
  light-services!
  rake (~> 13.0)
  rspec (~> 3.11)
  rubocop (~> 1.27)
  rubocop-performance (~> 1.13)
  rubocop-rspec (~> 2.9)
  simplecov (~> 0.21)
  sqlite3 (~> 1.4)

BUNDLED WITH
   2.1.4
